GIT
  remote: https://github.com/travis-ci/travis-config
  revision: 765b9523d13c6252e05a9966d94436af23aff646
  specs:
    travis-config (1.1.2)
      hashr (~> 2.0)

GIT
  remote: https://github.com/travis-ci/travis-sso
  revision: 8b41951a7a1905978ae3bb6ecaffa88f2f22d3d7
  specs:
    travis-sso (0.0.1)
      multi_json
      rack
      rotp
      yubikey

GEM
  remote: https://rubygems.org/
  specs:
    actionpack (4.2.8)
      actionview (= 4.2.8)
      activesupport (= 4.2.8)
      rack (~> 1.6)
      rack-test (~> 0.6.2)
      rails-dom-testing (~> 1.0, >= 1.0.5)
      rails-html-sanitizer (~> 1.0, >= 1.0.2)
    actionview (4.2.8)
      activesupport (= 4.2.8)
      builder (~> 3.1)
      erubis (~> 2.7.0)
      rails-dom-testing (~> 1.0, >= 1.0.5)
      rails-html-sanitizer (~> 1.0, >= 1.0.3)
    activemodel (4.2.8)
      activesupport (= 4.2.8)
      builder (~> 3.1)
    activerecord (4.2.8)
      activemodel (= 4.2.8)
      activesupport (= 4.2.8)
      arel (~> 6.0)
    activesupport (4.2.8)
      i18n (~> 0.7)
      minitest (~> 5.1)
      thread_safe (~> 0.3, >= 0.3.4)
      tzinfo (~> 1.1)
    amatch (0.3.1)
      tins (~> 1.0)
    arel (6.0.4)
    builder (3.2.3)
    concurrent-ruby (1.0.5)
    connection_pool (2.2.1)
    erubis (2.7.0)
    faraday (0.12.1)
      multipart-post (>= 1.2, < 3)
    hashr (2.0.1)
    i18n (0.8.4)
    loofah (2.0.3)
      nokogiri (>= 1.5.9)
    mini_portile2 (2.2.0)
    minitest (5.10.2)
    multi_json (1.12.1)
    multipart-post (2.0.0)
    nokogiri (1.8.0)
      mini_portile2 (~> 2.2.0)
    pg (0.21.0)
    puma (3.6.0)
    rack (1.6.5)
    rack-protection (1.5.3)
      rack
    rack-test (0.6.3)
      rack (>= 1.0)
    rails-deprecated_sanitizer (1.0.3)
      activesupport (>= 4.2.0.alpha)
    rails-dom-testing (1.0.8)
      activesupport (>= 4.2.0.beta, < 5.0)
      nokogiri (~> 1.6)
      rails-deprecated_sanitizer (>= 1.0.1)
    rails-html-sanitizer (1.0.3)
      loofah (~> 2.0)
    railties (4.2.8)
      actionpack (= 4.2.8)
      activesupport (= 4.2.8)
      rake (>= 0.8.7)
      thor (>= 0.18.1, < 2.0)
    rake (12.0.0)
    redis (3.3.2)
    rotp (3.3.0)
    safe_yaml (1.0.4)
    sentry-raven (2.5.3)
      faraday (>= 0.7.6, < 1.0)
    sidekiq (4.2.6)
      concurrent-ruby (~> 1.0)
      connection_pool (~> 2.2, >= 2.2.0)
      rack-protection (>= 1.5.0)
      redis (~> 3.2, >= 3.2.1)
    sinatra (1.4.8)
      rack (~> 1.5)
      rack-protection (~> 1.4)
      tilt (>= 1.3, < 3)
    standalone_migrations (5.2.3)
      activerecord (>= 4.2.7, < 5.2.0)
      railties (>= 4.2.7, < 5.2.0)
      rake (>= 10.0)
    thor (0.19.4)
    thread_safe (0.3.6)
    tilt (2.0.7)
    tins (1.14.0)
    tzinfo (1.2.3)
      thread_safe (~> 0.1)
    yubikey (1.4.1)

PLATFORMS
  ruby

DEPENDENCIES
  activerecord
  amatch
  pg
  puma
  safe_yaml
  sentry-raven
  sidekiq
  sinatra
  standalone_migrations
  travis-config!
  travis-sso!

BUNDLED WITH
   1.14.6
