PATH
  remote: .
  specs:
    travis-yml (0.0.1)
      amatch (~> 0.4.0)
      oj (~> 3.7.10)
      travis-conditions (~> 1.0.5)

GEM
  remote: https://rubygems.org/
  specs:
    activemodel (5.2.2.1)
      activesupport (= 5.2.2.1)
    activerecord (5.2.2.1)
      activemodel (= 5.2.2.1)
      activesupport (= 5.2.2.1)
      arel (>= 9.0)
    activesupport (5.2.2.1)
      concurrent-ruby (~> 1.0, >= 1.0.2)
      i18n (>= 0.7, < 2)
      minitest (~> 5.1)
      tzinfo (~> 1.1)
    amatch (0.4.0)
      mize
      tins (~> 1.0)
    arel (9.0.0)
    awesome_print (1.8.0)
    coderay (1.1.1)
    concurrent-ruby (1.1.5)
    diff-lcs (1.3)
    faraday (0.15.4)
      multipart-post (>= 1.2, < 3)
    foreman (0.84.0)
      thor (~> 0.19.1)
    hashr (2.0.1)
    i18n (1.6.0)
      concurrent-ruby (~> 1.0)
    method_source (0.8.2)
    minitest (5.11.3)
    mize (0.3.5)
      protocol
    multipart-post (2.0.0)
    neatjson (0.8.4)
    oj (3.7.10)
    parslet (1.8.2)
    protocol (1.0.1)
      ruby_parser (~> 3.0)
    pry (0.10.4)
      coderay (~> 1.1.0)
      method_source (~> 0.8.1)
      slop (~> 3.4)
    puma (3.12.0)
    rack (2.0.6)
    rack-cors (1.0.2)
    rack-ssl-enforcer (0.2.9)
    rack-test (0.7.0)
      rack (>= 1.0, < 3)
    rake (12.3.1)
    rspec (3.7.0)
      rspec-core (~> 3.7.0)
      rspec-expectations (~> 3.7.0)
      rspec-mocks (~> 3.7.0)
    rspec-core (3.7.0)
      rspec-support (~> 3.7.0)
    rspec-expectations (3.7.0)
      diff-lcs (>= 1.2.0, < 2.0)
      rspec-support (~> 3.7.0)
    rspec-mocks (3.7.0)
      diff-lcs (>= 1.2.0, < 2.0)
      rspec-support (~> 3.7.0)
    rspec-support (3.7.0)
    ruby_parser (3.13.0)
      sexp_processor (~> 4.9)
    sentry-raven (2.9.0)
      faraday (>= 0.7.6, < 1.0)
    sexp_processor (4.12.0)
    slop (3.6.0)
    thor (0.19.4)
    thread_safe (0.3.6)
    tins (1.20.2)
    travis-conditions (1.0.7)
      parslet (~> 1.8)
      travis-env_vars (~> 0.1)
    travis-config (1.1.3)
      hashr (~> 2.0)
    travis-env_vars (0.1.1)
    tzinfo (1.2.5)
      thread_safe (~> 0.1)

PLATFORMS
  ruby

DEPENDENCIES
  activerecord
  awesome_print
  foreman
  neatjson
  pry
  puma (~> 3.12.0)
  rack (~> 2.0.6)
  rack-cors (~> 1.0.2)
  rack-ssl-enforcer (~> 0.2.9)
  rack-test
  rake
  rspec
  sentry-raven (~> 2.9.0)
  travis-config (~> 1.1.3)
  travis-yml!

RUBY VERSION
   ruby 2.6.2p47

BUNDLED WITH
   2.0.1
