PATH
  remote: .
  specs:
    travis-yml (0.0.1)
      amatch (~> 0.4.0)
      memoyze (~> 0.0.1)
      oj (~> 3.7.10)
      regstry (~> 1.0.2)
      ruby-obj (~> 1.0.0)
      travis-conditions (~> 1.0.5)
      travis-env_vars (~> 0.1.1)

GEM
  remote: https://rubygems.org/
  specs:
    amatch (0.4.0)
      mize
      tins (~> 1.0)
    awesome_print (1.8.0)
    coderay (1.1.1)
    diff-lcs (1.3)
    faraday (0.15.4)
      multipart-post (>= 1.2, < 3)
    foreman (0.84.0)
      thor (~> 0.19.1)
    hashr (2.0.1)
    memoyze (0.0.1)
    method_source (0.8.2)
    mize (0.3.5)
      protocol
    multi_json (1.13.1)
    multipart-post (2.0.0)
    neatjson (0.8.4)
    oj (3.7.12)
    parslet (1.8.2)
    protocol (1.0.1)
      ruby_parser (~> 3.0)
    pry (0.10.4)
      coderay (~> 1.1.0)
      method_source (~> 0.8.1)
      slop (~> 3.4)
    puma (3.12.0)
    pygments.rb (1.2.1)
      multi_json (>= 1.0.0)
    rack (2.0.6)
    rack-cors (1.0.2)
    rack-markdown (0.0.3)
      pygments.rb
      rack
      redcarpet
    rack-ssl-enforcer (0.2.9)
    rack-test (1.1.0)
      rack (>= 1.0, < 3)
    rake (12.3.1)
    redcarpet (3.4.0)
    regstry (1.0.2)
    rspec (3.7.0)
      rspec-core (~> 3.7.0)
      rspec-expectations (~> 3.7.0)
      rspec-mocks (~> 3.7.0)
    rspec-core (3.7.0)
      rspec-support (~> 3.7.0)
    rspec-expectations (3.7.0)
      diff-lcs (>= 1.2.0, < 2.0)
      rspec-support (~> 3.7.0)
    rspec-mocks (3.7.0)
      diff-lcs (>= 1.2.0, < 2.0)
      rspec-support (~> 3.7.0)
    rspec-support (3.7.0)
    ruby-obj (1.0.0)
    ruby_parser (3.13.1)
      sexp_processor (~> 4.9)
    sentry-raven (2.9.0)
      faraday (>= 0.7.6, < 1.0)
    sexp_processor (4.12.0)
    slop (3.6.0)
    thor (0.19.4)
    tins (1.20.2)
    travis-conditions (1.0.7)
      parslet (~> 1.8)
      travis-env_vars (~> 0.1)
    travis-config (1.1.3)
      hashr (~> 2.0)
    travis-env_vars (0.1.1)

PLATFORMS
  ruby

DEPENDENCIES
  awesome_print
  foreman
  neatjson
  pry
  puma (~> 3.12.0)
  rack (~> 2.0.6)
  rack-cors (~> 1.0.2)
  rack-markdown
  rack-ssl-enforcer (~> 0.2.9)
  rack-test
  rake
  rspec
  sentry-raven (~> 2.9.0)
  travis-config (~> 1.1.3)
  travis-yml!

RUBY VERSION
   ruby 2.6.2p47

BUNDLED WITH
   2.0.1
