GEM
  remote: https://rubygems.org/
  specs:
    activemodel (5.1.1)
      activesupport (= 5.1.1)
    activerecord (5.1.1)
      activemodel (= 5.1.1)
      activesupport (= 5.1.1)
      arel (~> 8.0)
    activesupport (5.1.1)
      concurrent-ruby (~> 1.0, >= 1.0.2)
      i18n (~> 0.7)
      minitest (~> 5.1)
      tzinfo (~> 1.1)
    amatch (0.3.1)
      tins (~> 1.0)
    arel (8.0.0)
    concurrent-ruby (1.0.5)
    connection_pool (2.2.1)
    hashr (2.0.0)
    i18n (0.8.4)
    minitest (5.10.2)
    pg (0.21.0)
    puma (3.6.0)
    rack (1.6.5)
    rack-protection (1.5.3)
      rack
    redis (3.3.2)
    safe_yaml (1.0.4)
    sidekiq (4.2.6)
      concurrent-ruby (~> 1.0)
      connection_pool (~> 2.2, >= 2.2.0)
      rack-protection (>= 1.5.0)
      redis (~> 3.2, >= 3.2.1)
    sinatra (1.4.8)
      rack (~> 1.5)
      rack-protection (~> 1.4)
      tilt (>= 1.3, < 3)
    thread_safe (0.3.6)
    tilt (2.0.7)
    tins (1.14.0)
    travis-config (1.0.13)
      hashr (~> 2.0.0)
    tzinfo (1.2.3)
      thread_safe (~> 0.1)

PLATFORMS
  ruby

DEPENDENCIES
  activerecord
  amatch
  pg
  puma
  safe_yaml
  sidekiq
  sinatra
  travis-config

BUNDLED WITH
   1.14.6
